GEM
  remote: http://rubygems.org/
  specs:
    cuba (2.0.0)
      rack (~> 1.2)
      tilt (~> 1.2)
    haml (3.1.2)
    rack (1.3.0)
    rqrcode (0.3.4)
    tilt (1.3.2)

PLATFORMS
  ruby

DEPENDENCIES
  cuba
  haml
  rqrcode
