GEM
  remote: http://rubygems.org/
  specs:
    capistrano (2.6.0)
      highline
      net-scp (>= 1.0.0)
      net-sftp (>= 2.0.0)
      net-ssh (>= 2.0.14)
      net-ssh-gateway (>= 1.1.0)
    cuba (2.0.0)
      rack (~> 1.2)
      tilt (~> 1.2)
    haml (3.1.2)
    highline (1.6.2)
    net-scp (1.0.4)
      net-ssh (>= 1.99.1)
    net-sftp (2.0.5)
      net-ssh (>= 2.0.9)
    net-ssh (2.1.4)
    net-ssh-gateway (1.1.0)
      net-ssh (>= 1.99.1)
    rack (1.3.0)
    rqrcode (0.3.4)
    tilt (1.3.2)

PLATFORMS
  ruby

DEPENDENCIES
  capistrano
  cuba
  haml
  rqrcode
